PATH
  remote: vendor/gems/daemons-1.3.1
  specs:
    daemons (1.3.1)

PATH
  remote: vendor/gems/eventmachine-1.2.7
  specs:
    eventmachine (1.2.7)

PATH
  remote: vendor/gems/rack-2.2.3
  specs:
    rack (2.2.3)

PATH
  remote: vendor/gems/thin-1.7.2
  specs:
    thin (1.7.2)

GEM
  remote: https://rubygems.org/
  specs:

PLATFORMS
  ruby

DEPENDENCIES
  daemons (= 1.3.1)!
  eventmachine (= 1.2.7)!
  rack (= 2.2.3)!
  thin (= 1.7.2)!

BUNDLED WITH
   2.2.24
